GEM
  remote: http://rubygems.org/
  specs:
    diff-lcs (1.1.2)
    git (1.2.5)
    jeweler (1.6.2)
      bundler (~> 1.0)
      git (>= 1.2.5)
      rake
    json (1.5.3)
    nokogiri (1.4.6)
    oauth (0.4.4)
    rake (0.9.2)
    rcov (0.9.9)
    rspec (2.6.0)
      rspec-core (~> 2.6.0)
      rspec-expectations (~> 2.6.0)
      rspec-mocks (~> 2.6.0)
    rspec-core (2.6.4)
    rspec-expectations (2.6.0)
      diff-lcs (~> 1.1.2)
    rspec-mocks (2.6.0)
    rubytter (1.4.2)
      json (>= 1.1.3)
      oauth (>= 0.3.6)

PLATFORMS
  ruby

DEPENDENCIES
  bundler
  jeweler
  nokogiri
  oauth
  rcov
  rspec
  rubytter
