GEM
  remote: http://rubygems.org/
  specs:
    addressable (2.2.2)
    data_objects (0.10.2)
      addressable (~> 2.1)
    diff-lcs (1.1.2)
    dm-core (1.0.2)
      addressable (~> 2.2)
      extlib (~> 0.9.15)
    dm-do-adapter (1.0.2)
      data_objects (~> 0.10.2)
      dm-core (~> 1.0.2)
    dm-migrations (1.0.2)
      dm-core (~> 1.0.2)
    dm-sqlite-adapter (1.0.2)
      dm-do-adapter (~> 1.0.2)
      do_sqlite3 (~> 0.10.2)
    dm-types (1.0.2)
      dm-core (~> 1.0.2)
      fastercsv (~> 1.5.3)
      json_pure (~> 1.4)
      stringex (~> 1.1.0)
      uuidtools (~> 2.1.1)
    do_sqlite3 (0.10.2)
      data_objects (= 0.10.2)
    extlib (0.9.15)
    fastercsv (1.5.3)
    git (1.2.5)
    jeweler (1.5.1)
      bundler (~> 1.0.0)
      git (>= 1.2.5)
      rake
    json (1.4.6)
    json_pure (1.4.6)
    nokogiri (1.4.4)
    oauth (0.4.4)
    rake (0.8.7)
    rcov (0.9.9)
    rspec (2.1.0)
      rspec-core (~> 2.1.0)
      rspec-expectations (~> 2.1.0)
      rspec-mocks (~> 2.1.0)
    rspec-core (2.1.0)
    rspec-expectations (2.1.0)
      diff-lcs (~> 1.1.2)
    rspec-mocks (2.1.0)
    rubytter (1.4.1)
      json (>= 1.1.3)
      oauth (>= 0.3.6)
    stringex (1.1.0)
    uuidtools (2.1.1)

PLATFORMS
  ruby

DEPENDENCIES
  bundler
  dm-core
  dm-migrations
  dm-sqlite-adapter
  dm-types
  jeweler
  nokogiri
  oauth
  rcov
  rspec
  rubytter
